PATH
  remote: .
  specs:
    osc_ruby (1.3.2)

GEM
  remote: https://rubygems.org/
  specs:
    codeclimate-test-reporter (1.0.8)
      simplecov (<= 0.13)
    diff-lcs (1.3)
    docile (1.1.5)
    fakeweb (1.3.0)
    json (2.1.0)
    rake (10.5.0)
    rspec (3.6.0)
      rspec-core (~> 3.6.0)
      rspec-expectations (~> 3.6.0)
      rspec-mocks (~> 3.6.0)
    rspec-core (3.6.0)
      rspec-support (~> 3.6.0)
    rspec-expectations (3.6.0)
      diff-lcs (>= 1.2.0, < 2.0)
      rspec-support (~> 3.6.0)
    rspec-mocks (3.6.0)
      diff-lcs (>= 1.2.0, < 2.0)
      rspec-support (~> 3.6.0)
    rspec-support (3.6.0)
    simplecov (0.13.0)
      docile (~> 1.1.0)
      json (>= 1.8, < 3)
      simplecov-html (~> 0.10.0)
    simplecov-html (0.10.2)
    vcr (3.0.3)
    yard (0.9.9)

PLATFORMS
  x86-mingw32

DEPENDENCIES
  bundler
  codeclimate-test-reporter (~> 1.0, >= 1.0.0)
  fakeweb
  osc_ruby!
  rake (~> 10.0)
  rspec (~> 3.2, >= 3.2.0)
  simplecov
  vcr (~> 3.0, >= 3.0.3)
  yard

BUNDLED WITH
   1.15.3
